PATH
  remote: ../bullet_train-api
  specs:
    bullet_train-api (1.6.31)
      bullet_train
      bullet_train-super_scaffolding
      colorizer
      doorkeeper
      factory_bot
      jbuilder-schema (~> 2.6.6)
      pagy
      pagy_cursor
      rack-cors
      rails (>= 6.0.0)

PATH
  remote: ../bullet_train-fields
  specs:
    bullet_train-fields (1.6.31)
      chronic
      cloudinary
      phonelib
      rails (>= 6.0.0)

PATH
  remote: ../bullet_train-super_scaffolding
  specs:
    bullet_train-super_scaffolding (1.6.31)
      colorizer
      indefinite_article
      masamune-ast (~> 2.0.2)
      rails (>= 6.0.0)

PATH
  remote: ../bullet_train
  specs:
    bullet_train (1.6.31)
      awesome_print
      bullet_train-has_uuid
      bullet_train-roles
      bullet_train-routes
      bullet_train-scope_validator
      bullet_train-super_load_and_authorize_resource
      bullet_train-themes
      cable_ready (~> 5.0.0)
      cancancan
      colorizer
      commonmarker (>= 1.0.0)
      devise
      devise-pwned_password
      extended_email_reply_parser
      fastimage
      figaro
      hiredis
      http_accept_language
      image_processing
      microscope
      nice_partials (~> 0.9)
      omniauth
      pagy
      possessive
      premailer-rails
      rails (>= 6.0.0)
      ruby-openai
      showcase-rails
      sidekiq
      unicode-emoji
      valid_email
      xxhash

PATH
  remote: .
  specs:
    bullet_train-themes-tailwind_css (1.6.31)
      bullet_train-themes
      rails (>= 6.0.0)

GEM
  remote: https://rubygems.org/
  specs:
    actioncable (7.1.2)
      actionpack (= 7.1.2)
      activesupport (= 7.1.2)
      nio4r (~> 2.0)
      websocket-driver (>= 0.6.1)
      zeitwerk (~> 2.6)
    actionmailbox (7.1.2)
      actionpack (= 7.1.2)
      activejob (= 7.1.2)
      activerecord (= 7.1.2)
      activestorage (= 7.1.2)
      activesupport (= 7.1.2)
      mail (>= 2.7.1)
      net-imap
      net-pop
      net-smtp
    actionmailer (7.1.2)
      actionpack (= 7.1.2)
      actionview (= 7.1.2)
      activejob (= 7.1.2)
      activesupport (= 7.1.2)
      mail (~> 2.5, >= 2.5.4)
      net-imap
      net-pop
      net-smtp
      rails-dom-testing (~> 2.2)
    actionpack (7.1.2)
      actionview (= 7.1.2)
      activesupport (= 7.1.2)
      nokogiri (>= 1.8.5)
      racc
      rack (>= 2.2.4)
      rack-session (>= 1.0.1)
      rack-test (>= 0.6.3)
      rails-dom-testing (~> 2.2)
      rails-html-sanitizer (~> 1.6)
    actiontext (7.1.2)
      actionpack (= 7.1.2)
      activerecord (= 7.1.2)
      activestorage (= 7.1.2)
      activesupport (= 7.1.2)
      globalid (>= 0.6.0)
      nokogiri (>= 1.8.5)
    actionview (7.1.2)
      activesupport (= 7.1.2)
      builder (~> 3.1)
      erubi (~> 1.11)
      rails-dom-testing (~> 2.2)
      rails-html-sanitizer (~> 1.6)
    active_hash (3.2.1)
      activesupport (>= 5.0.0)
    activejob (7.1.2)
      activesupport (= 7.1.2)
      globalid (>= 0.3.6)
    activemodel (7.1.2)
      activesupport (= 7.1.2)
    activerecord (7.1.2)
      activemodel (= 7.1.2)
      activesupport (= 7.1.2)
      timeout (>= 0.4.0)
    activestorage (7.1.2)
      actionpack (= 7.1.2)
      activejob (= 7.1.2)
      activerecord (= 7.1.2)
      activesupport (= 7.1.2)
      marcel (~> 1.0)
    activesupport (7.1.2)
      base64
      bigdecimal
      concurrent-ruby (~> 1.0, >= 1.0.2)
      connection_pool (>= 2.2.5)
      drb
      i18n (>= 1.6, < 2)
      minitest (>= 5.1)
      mutex_m
      tzinfo (~> 2.0)
    addressable (2.8.5)
      public_suffix (>= 2.0.2, < 6.0)
    ansi (1.5.0)
    ast (2.4.2)
    awesome_print (1.9.2)
    aws_cf_signer (0.1.3)
    base64 (0.2.0)
    bcrypt (3.1.19)
    bigdecimal (3.1.4)
    builder (3.2.4)
    bullet_train-has_uuid (1.6.13)
      rails (>= 6.0.0)
    bullet_train-roles (1.6.13)
      active_hash
      activesupport
      cancancan
    bullet_train-routes (1.0.0)
      rails (>= 6.0.0)
    bullet_train-scope_validator (1.6.13)
    bullet_train-super_load_and_authorize_resource (1.6.13)
      cancancan
      rails (>= 6.0.0)
    bullet_train-themes (1.6.13)
      rails (>= 6.0.0)
    cable_ready (5.0.3)
      actionpack (>= 5.2)
      actionview (>= 5.2)
      activesupport (>= 5.2)
      railties (>= 5.2)
      thread-local (>= 1.1.0)
    cancancan (3.5.0)
    charlock_holmes (0.7.7)
    chronic (0.10.2)
    cloudinary (1.28.0)
      aws_cf_signer
      rest-client (>= 2.0.0)
    colorizer (0.0.2)
    commonmarker (1.0.4-arm64-darwin)
    commonmarker (1.0.4-x86_64-linux)
    concurrent-ruby (1.2.2)
    connection_pool (2.4.1)
    crass (1.0.6)
    css_parser (1.16.0)
      addressable
    date (3.3.4)
    devise (4.9.3)
      bcrypt (~> 3.0)
      orm_adapter (~> 0.1)
      railties (>= 4.1.0)
      responders
      warden (~> 1.2.3)
    devise-pwned_password (0.1.10)
      devise (~> 4)
      pwned (~> 2.0.0)
    domain_name (0.6.20231109)
    doorkeeper (5.6.6)
      railties (>= 5)
    drb (2.2.0)
      ruby2_keywords
    email_reply_parser (0.5.11)
    erubi (1.12.0)
    event_stream_parser (0.3.0)
    extended_email_reply_parser (0.5.1)
      activesupport
      charlock_holmes
      email_reply_parser (~> 0.5.9)
      mail
    factory_bot (6.3.0)
      activesupport (>= 5.0.0)
    faraday (2.7.11)
      base64
      faraday-net_http (>= 2.0, < 3.1)
      ruby2_keywords (>= 0.0.4)
    faraday-multipart (1.0.4)
      multipart-post (~> 2)
    faraday-net_http (3.0.2)
    fastimage (2.2.7)
    ffi (1.16.3)
    figaro (1.2.0)
      thor (>= 0.14.0, < 2)
    globalid (1.2.1)
      activesupport (>= 6.1)
    hashie (5.0.0)
    hiredis (0.6.3)
    htmlentities (4.3.4)
    http-accept (1.7.0)
    http-cookie (1.0.5)
      domain_name (~> 0.5)
    http_accept_language (2.1.1)
    i18n (1.14.1)
      concurrent-ruby (~> 1.0)
    image_processing (1.12.2)
      mini_magick (>= 4.9.5, < 5)
      ruby-vips (>= 2.0.17, < 3)
    indefinite_article (0.2.5)
      activesupport
    io-console (0.6.0)
    irb (1.9.0)
      rdoc
      reline (>= 0.3.8)
    jbuilder (2.11.5)
      actionview (>= 5.0.0)
      activesupport (>= 5.0.0)
    jbuilder-schema (2.6.6)
      jbuilder
      method_source
      rails (>= 5.0.0)
    json (2.6.3)
    language_server-protocol (3.17.0.3)
    lint_roller (1.1.0)
    loofah (2.22.0)
      crass (~> 1.0.2)
      nokogiri (>= 1.12.0)
    mail (2.8.1)
      mini_mime (>= 0.1.1)
      net-imap
      net-pop
      net-smtp
    marcel (1.0.2)
    masamune-ast (2.0.2)
      activesupport
      prism (>= 0.14.0)
    method_source (1.0.0)
    microscope (1.1.1)
      activerecord (>= 4.1.0)
      activesupport (>= 4.1.0)
    mime-types (3.5.1)
      mime-types-data (~> 3.2015)
    mime-types-data (3.2023.1003)
    mini_magick (4.12.0)
    mini_mime (1.1.5)
    minitest (5.20.0)
    minitest-reporters (1.6.1)
      ansi
      builder
      minitest (>= 5.0)
      ruby-progressbar
    multipart-post (2.3.0)
    mutex_m (0.2.0)
    net-imap (0.4.5)
      date
      net-protocol
    net-pop (0.1.2)
      net-protocol
    net-protocol (0.2.2)
      timeout
    net-smtp (0.4.0)
      net-protocol
    netrc (0.11.0)
    nice_partials (0.10.0)
      actionview (>= 4.2.6)
    nio4r (2.5.9)
    nokogiri (1.16.0-arm64-darwin)
      racc (~> 1.4)
    nokogiri (1.16.0-x86_64-linux)
      racc (~> 1.4)
    omniauth (2.1.1)
      hashie (>= 3.4.6)
      rack (>= 2.2.3)
      rack-protection
    orm_adapter (0.5.0)
    pagy (6.2.0)
    pagy_cursor (0.6.1)
      activerecord (>= 5)
      pagy (>= 6, < 7)
    parallel (1.23.0)
    parser (3.2.2.4)
      ast (~> 2.4.1)
      racc
    phonelib (0.8.5)
    possessive (1.0.1)
    premailer (1.21.0)
      addressable
      css_parser (>= 1.12.0)
      htmlentities (>= 4.0.0)
    premailer-rails (1.12.0)
      actionmailer (>= 3)
      net-smtp
      premailer (~> 1.7, >= 1.7.9)
    prism (0.17.1)
    psych (5.1.1.1)
      stringio
    public_suffix (5.0.3)
    pwned (2.0.2)
    racc (1.7.3)
    rack (3.0.8)
    rack-cors (2.0.1)
      rack (>= 2.0.0)
    rack-protection (3.0.6)
      rack
    rack-session (2.0.0)
      rack (>= 3.0.0)
    rack-test (2.1.0)
      rack (>= 1.3)
    rackup (2.1.0)
      rack (>= 3)
      webrick (~> 1.8)
    rails (7.1.2)
      actioncable (= 7.1.2)
      actionmailbox (= 7.1.2)
      actionmailer (= 7.1.2)
      actionpack (= 7.1.2)
      actiontext (= 7.1.2)
      actionview (= 7.1.2)
      activejob (= 7.1.2)
      activemodel (= 7.1.2)
      activerecord (= 7.1.2)
      activestorage (= 7.1.2)
      activesupport (= 7.1.2)
      bundler (>= 1.15.0)
      railties (= 7.1.2)
    rails-dom-testing (2.2.0)
      activesupport (>= 5.0.0)
      minitest
      nokogiri (>= 1.6)
    rails-html-sanitizer (1.6.0)
      loofah (~> 2.21)
      nokogiri (~> 1.14)
    railties (7.1.2)
      actionpack (= 7.1.2)
      activesupport (= 7.1.2)
      irb
      rackup (>= 1.0.0)
      rake (>= 12.2)
      thor (~> 1.0, >= 1.2.2)
      zeitwerk (~> 2.6)
    rainbow (3.1.1)
    rake (13.1.0)
    rdoc (6.6.0)
      psych (>= 4.0.0)
    redis-client (0.18.0)
      connection_pool
    regexp_parser (2.8.2)
    reline (0.4.0)
      io-console (~> 0.5)
    responders (3.1.1)
      actionpack (>= 5.2)
      railties (>= 5.2)
    rest-client (2.1.0)
      http-accept (>= 1.7.0, < 2.0)
      http-cookie (>= 1.0.2, < 2.0)
      mime-types (>= 1.16, < 4.0)
      netrc (~> 0.8)
    rexml (3.2.6)
    rubocop (1.57.2)
      json (~> 2.3)
      language_server-protocol (>= 3.17.0)
      parallel (~> 1.10)
      parser (>= 3.2.2.4)
      rainbow (>= 2.2.2, < 4.0)
      regexp_parser (>= 1.8, < 3.0)
      rexml (>= 3.2.5, < 4.0)
      rubocop-ast (>= 1.28.1, < 2.0)
      ruby-progressbar (~> 1.7)
      unicode-display_width (>= 2.4.0, < 3.0)
    rubocop-ast (1.30.0)
      parser (>= 3.2.1.0)
    rubocop-performance (1.19.1)
      rubocop (>= 1.7.0, < 2.0)
      rubocop-ast (>= 0.4.0)
    ruby-openai (6.2.0)
      event_stream_parser (>= 0.3.0, < 1.0.0)
      faraday (>= 1)
      faraday-multipart (>= 1)
    ruby-progressbar (1.13.0)
    ruby-vips (2.2.0)
      ffi (~> 1.12)
    ruby2_keywords (0.0.5)
    showcase-rails (0.4.6)
      rails (>= 6.1.0)
    sidekiq (7.2.0)
      concurrent-ruby (< 2)
      connection_pool (>= 2.3.0)
      rack (>= 2.2.4)
      redis-client (>= 0.14.0)
    simpleidn (0.2.1)
      unf (~> 0.1.4)
    sprockets (4.2.1)
      concurrent-ruby (~> 1.0)
      rack (>= 2.2.4, < 4)
    sprockets-rails (3.4.2)
      actionpack (>= 5.2)
      activesupport (>= 5.2)
      sprockets (>= 3.0.0)
    sqlite3 (1.7.0-arm64-darwin)
    sqlite3 (1.7.0-x86_64-linux)
    standard (1.32.0)
      language_server-protocol (~> 3.17.0.2)
      lint_roller (~> 1.0)
      rubocop (~> 1.57.2)
      standard-custom (~> 1.0.0)
      standard-performance (~> 1.2)
    standard-custom (1.0.2)
      lint_roller (~> 1.0)
      rubocop (~> 1.50)
    standard-performance (1.2.1)
      lint_roller (~> 1.1)
      rubocop-performance (~> 1.19.1)
    stringio (3.0.9)
    thor (1.3.0)
    thread-local (1.1.0)
    timeout (0.4.1)
    tzinfo (2.0.6)
      concurrent-ruby (~> 1.0)
    unf (0.1.4)
      unf_ext
    unf_ext (0.0.9)
    unicode-display_width (2.5.0)
    unicode-emoji (3.4.0)
      unicode-version (~> 1.0)
    unicode-version (1.3.0)
    valid_email (0.2.0)
      activemodel
      mail (>= 2.6.1)
      simpleidn
    warden (1.2.9)
      rack (>= 2.0.9)
    webrick (1.8.1)
    websocket-driver (0.7.6)
      websocket-extensions (>= 0.1.0)
    websocket-extensions (0.1.5)
    xxhash (0.5.0)
    zeitwerk (2.6.12)

PLATFORMS
  arm64-darwin-22
  arm64-darwin-23
  x86_64-linux

DEPENDENCIES
  bullet_train!
  bullet_train-api!
  bullet_train-fields!
  bullet_train-super_scaffolding!
  bullet_train-themes-tailwind_css!
  minitest-reporters
  sprockets-rails
  sqlite3
  standard

BUNDLED WITH
   2.4.20
