PATH
  remote: .
  specs:
    bullet_train-fields (1.3.22)
      chronic
      cloudinary
      phonelib
      rails (>= 6.0.0)

GEM
  remote: https://rubygems.org/
  specs:
    actioncable (7.0.3.1)
      actionpack (= 7.0.3.1)
      activesupport (= 7.0.3.1)
      nio4r (~> 2.0)
      websocket-driver (>= 0.6.1)
    actionmailbox (7.0.3.1)
      actionpack (= 7.0.3.1)
      activejob (= 7.0.3.1)
      activerecord (= 7.0.3.1)
      activestorage (= 7.0.3.1)
      activesupport (= 7.0.3.1)
      mail (>= 2.7.1)
      net-imap
      net-pop
      net-smtp
    actionmailer (7.0.3.1)
      actionpack (= 7.0.3.1)
      actionview (= 7.0.3.1)
      activejob (= 7.0.3.1)
      activesupport (= 7.0.3.1)
      mail (~> 2.5, >= 2.5.4)
      net-imap
      net-pop
      net-smtp
      rails-dom-testing (~> 2.0)
    actionpack (7.0.3.1)
      actionview (= 7.0.3.1)
      activesupport (= 7.0.3.1)
      rack (~> 2.0, >= 2.2.0)
      rack-test (>= 0.6.3)
      rails-dom-testing (~> 2.0)
      rails-html-sanitizer (~> 1.0, >= 1.2.0)
    actiontext (7.0.3.1)
      actionpack (= 7.0.3.1)
      activerecord (= 7.0.3.1)
      activestorage (= 7.0.3.1)
      activesupport (= 7.0.3.1)
      globalid (>= 0.6.0)
      nokogiri (>= 1.8.5)
    actionview (7.0.3.1)
      activesupport (= 7.0.3.1)
      builder (~> 3.1)
      erubi (~> 1.4)
      rails-dom-testing (~> 2.0)
      rails-html-sanitizer (~> 1.1, >= 1.2.0)
    activejob (7.0.3.1)
      activesupport (= 7.0.3.1)
      globalid (>= 0.3.6)
    activemodel (7.0.3.1)
      activesupport (= 7.0.3.1)
    activerecord (7.0.3.1)
      activemodel (= 7.0.3.1)
      activesupport (= 7.0.3.1)
    activestorage (7.0.3.1)
      actionpack (= 7.0.3.1)
      activejob (= 7.0.3.1)
      activerecord (= 7.0.3.1)
      activesupport (= 7.0.3.1)
      marcel (~> 1.0)
      mini_mime (>= 1.1.0)
    activesupport (7.0.3.1)
      concurrent-ruby (~> 1.0, >= 1.0.2)
      i18n (>= 1.6, < 2)
      minitest (>= 5.1)
      tzinfo (~> 2.0)
    ast (2.4.2)
    aws_cf_signer (0.1.3)
    builder (3.2.4)
    chronic (0.10.2)
    cloudinary (1.27.0)
      aws_cf_signer
      rest-client (>= 2.0.0)
    concurrent-ruby (1.1.10)
    crass (1.0.6)
    date (3.3.3)
    domain_name (0.5.20190701)
      unf (>= 0.0.5, < 1.0.0)
    erubi (1.10.0)
    globalid (1.1.0)
      activesupport (>= 5.0)
    http-accept (1.7.0)
    http-cookie (1.0.5)
      domain_name (~> 0.5)
    i18n (1.11.0)
      concurrent-ruby (~> 1.0)
    json (2.6.2)
    loofah (2.18.0)
      crass (~> 1.0.2)
      nokogiri (>= 1.5.9)
    mail (2.8.1)
      mini_mime (>= 0.1.1)
      net-imap
      net-pop
      net-smtp
    marcel (1.0.2)
    method_source (1.0.0)
    mime-types (3.5.1)
      mime-types-data (~> 3.2015)
    mime-types-data (3.2023.0808)
    mini_mime (1.1.5)
    mini_portile2 (2.8.1)
    minitest (5.16.2)
    net-imap (0.3.7)
      date
      net-protocol
    net-pop (0.1.2)
      net-protocol
    net-protocol (0.2.1)
      timeout
    net-smtp (0.3.3)
      net-protocol
    netrc (0.11.0)
    nio4r (2.5.9)
    nokogiri (1.13.7)
      mini_portile2 (~> 2.8.0)
      racc (~> 1.4)
    parallel (1.22.1)
    parser (3.1.2.0)
      ast (~> 2.4.1)
    phonelib (0.8.3)
    racc (1.6.0)
    rack (2.2.4)
    rack-test (2.0.2)
      rack (>= 1.3)
    rails (7.0.3.1)
      actioncable (= 7.0.3.1)
      actionmailbox (= 7.0.3.1)
      actionmailer (= 7.0.3.1)
      actionpack (= 7.0.3.1)
      actiontext (= 7.0.3.1)
      actionview (= 7.0.3.1)
      activejob (= 7.0.3.1)
      activemodel (= 7.0.3.1)
      activerecord (= 7.0.3.1)
      activestorage (= 7.0.3.1)
      activesupport (= 7.0.3.1)
      bundler (>= 1.15.0)
      railties (= 7.0.3.1)
    rails-dom-testing (2.0.3)
      activesupport (>= 4.2.0)
      nokogiri (>= 1.6)
    rails-html-sanitizer (1.4.3)
      loofah (~> 2.3)
    railties (7.0.3.1)
      actionpack (= 7.0.3.1)
      activesupport (= 7.0.3.1)
      method_source
      rake (>= 12.2)
      thor (~> 1.0)
      zeitwerk (~> 2.5)
    rainbow (3.1.1)
    rake (13.0.6)
    regexp_parser (2.5.0)
    rest-client (2.1.0)
      http-accept (>= 1.7.0, < 2.0)
      http-cookie (>= 1.0.2, < 2.0)
      mime-types (>= 1.16, < 4.0)
      netrc (~> 0.8)
    rexml (3.2.5)
    rubocop (1.32.0)
      json (~> 2.3)
      parallel (~> 1.10)
      parser (>= 3.1.0.0)
      rainbow (>= 2.2.2, < 4.0)
      regexp_parser (>= 1.8, < 3.0)
      rexml (>= 3.2.5, < 4.0)
      rubocop-ast (>= 1.19.1, < 2.0)
      ruby-progressbar (~> 1.7)
      unicode-display_width (>= 1.4.0, < 3.0)
    rubocop-ast (1.19.1)
      parser (>= 3.1.1.0)
    rubocop-performance (1.14.3)
      rubocop (>= 1.7.0, < 2.0)
      rubocop-ast (>= 0.4.0)
    ruby-progressbar (1.11.0)
    sprockets (4.1.1)
      concurrent-ruby (~> 1.0)
      rack (> 1, < 3)
    sprockets-rails (3.4.2)
      actionpack (>= 5.2)
      activesupport (>= 5.2)
      sprockets (>= 3.0.0)
    sqlite3 (1.4.4)
    standard (1.14.0)
      rubocop (= 1.32.0)
      rubocop-performance (= 1.14.3)
    thor (1.2.2)
    timeout (0.4.0)
    tzinfo (2.0.4)
      concurrent-ruby (~> 1.0)
    unf (0.1.4)
      unf_ext
    unf_ext (0.0.8.2)
    unicode-display_width (2.2.0)
    websocket-driver (0.7.6)
      websocket-extensions (>= 0.1.0)
    websocket-extensions (0.1.5)
    zeitwerk (2.6.11)

PLATFORMS
  arm64-darwin-20
  arm64-darwin-21
  arm64-darwin-22
  ruby
  x86_64-darwin-21
  x86_64-darwin-22
  x86_64-linux

DEPENDENCIES
  bullet_train-fields!
  sprockets-rails
  sqlite3
  standard

BUNDLED WITH
   2.3.14
